PATH
  remote: .
  specs:
    ashwins93_palindrome (0.1.0)

GEM
  remote: https://rubygems.org/
  specs:
    ansi (1.5.0)
    builder (3.2.3)
    minitest (5.11.3)
    minitest-reporters (1.2.0)
      ansi
      builder
      minitest (>= 5.0)
      ruby-progressbar
    rake (10.5.0)
    ruby-progressbar (1.10.0)

PLATFORMS
  ruby
  x64-mingw32

DEPENDENCIES
  ashwins93_palindrome!
  bundler (~> 2.0.1)
  minitest (~> 5.0)
  minitest-reporters (= 1.2.0)
  rake (~> 10.0)

BUNDLED WITH
   2.0.1
